GEM
  remote: http://rubygems.org/
  specs:
    choice (0.1.6)
    net-sftp (2.1.1)
      net-ssh (>= 2.6.5)
    net-ssh (2.6.5)
    nokogiri (1.5.6)

PLATFORMS
  ruby

DEPENDENCIES
  choice
  net-sftp
  nokogiri
